GIT
  remote: git://github.com/primedia/bunny_mock.git
  revision: 0322d2f0ede9729df38159419cef5743e054c355
  specs:
    bunny_mock (0.0.2)

PATH
  remote: .
  specs:
    hutch_mailer (0.1.0)
      hutch (>= 0.10)

GEM
  remote: https://rubygems.org/
  specs:
    amq-protocol (1.9.2)
    bunny (1.6.3)
      amq-protocol (>= 1.9.2)
    carrot-top (0.0.7)
      json
    hutch (0.11.0)
      bunny (>= 1.6.1)
      carrot-top (~> 0.0.7)
      multi_json (~> 1.5)
    json (1.8.1)
    minitest (5.4.3)
    multi_json (1.10.1)

PLATFORMS
  ruby

DEPENDENCIES
  bunny_mock!
  hutch_mailer!
  minitest
